GEM
  remote: https://rubygems.org/
  specs:
    csv (3.0.0)
    figaro (1.1.1)
      thor (~> 0.14)
    minitest (5.11.3)
    sequel (5.11.0)
    sqlite3 (1.3.13)
    thor (0.20.0)

PLATFORMS
  ruby

DEPENDENCIES
  csv
  figaro
  minitest
  sequel
  sqlite3

BUNDLED WITH
   1.16.2
