GEM
  remote: https://rubygems.org/
  specs:
    minitest (5.11.3)
    sqlite3 (1.4.0)

PLATFORMS
  ruby

DEPENDENCIES
  minitest
  sqlite3

BUNDLED WITH
   2.0.1
