GEM
  remote: https://rubygems.org/
  specs:
    minitest (5.11.3)
    sqlite3 (1.3.13)

PLATFORMS
  ruby

DEPENDENCIES
  minitest
  sqlite3

BUNDLED WITH
   1.17.2
